{
  "AcquisitionMatrixPE": 408,
  "AcquisitionNumber": 1,
  "AcquisitionTime": "14:52:4.827500",
  "BaseResolution": 512,
  "CoilString": "C:HEA;HEP",
  "ConversionSoftware": "dcm2niix",
  "ConversionSoftwareVersion": "v1.0.20190410  GCC6.3.0",
  "DeviceSerialNumber": "35149",
  "DwellTime": 5e-06,
  "EchoTime": 0.085,
  "EchoTrainLength": 15,
  "FlipAngle": 120,
  "ImageOrientationPatientDICOM": [0.998046, -0.0607555, -0.0145703, -0.0122086, 0.0390631, -0.999162],
  "ImageType": [
    "ORIGINAL",
    "PRIMARY",
    "M",
    "ND",
    "NORM"
],
  "ImagingFrequency": 123.255,
  "InPlanePhaseEncodingDirectionDICOM": "ROW",
  "InstitutionAddress": "Street_StreetNo_Rehovot_91E162_District_IL_ZIP",
  "InstitutionName": "Weizmann",
  "InstitutionalDepartmentName": "Department",
  "MRAcquisitionType": "2D",
  "MagneticFieldStrength": 3,
  "Manufacturer": "Siemens",
  "ManufacturersModelName": "TrioTim",
  "Modality": "MR",
  "NumberOfAverages": 2,
  "PartialFourier": 1,
  "PatientPosition": "HFS",
  "PercentPhaseFOV": 79.6875,
  "PhaseEncodingDirection": "i",
  "PhaseEncodingSteps": 420,
  "PhaseResolution": 1,
  "PixelBandwidth": 195,
  "ProcedureStepDescription": "Weizmann_Sobel",
  "ProtocolName": "t2_0.4x0.4x1.6_12ch_TE85",
  "PulseSequenceDetails": "%SiemensSeq%_tse",
  "ReceiveCoilName": "32Ch_Head",
  "ReconMatrixPE": 408,
  "RepetitionTime": 7,
  "SAR": 0.801847,
  "ScanningSequence": "SE",
  "SequenceName": "_tse2d1_15",
  "SequenceVariant": "SK_SP_OSP",
  "SeriesDescription": "t2_0.4x0.4x1.6_12ch_TE85",
  "SeriesNumber": 9,
  "ShimSetting": [2470, 9085, -6052, -103, 521, -534, -963, -321],
  "SliceThickness": 1.6,
  "SoftwareVersions": "syngo_MR_B17",
  "SpacingBetweenSlices": 1.6,
  "StationName": "MRC35149",
  "TxRefAmp": 277.227,
  "dcmmeta_affine": [
    [-0.3898618519306183, -0.0047689941711723804, -0.0980377197265625, 91.32865142822266],
    [0.023732606321573257, 0.01525902096182108, -1.5958194732666016, 74.61254119873047],
    [-0.005691514816135168, 0.39029771089553833, 0.061190664768218994, -100.81903839111328],
    [0.0, 0.0, 0.0, 1.0]
],
  "dcmmeta_reorient_transform": [
    [0.0, -1.0, 0.0, 511.0],
    [1.0, 0.0, 0.0, 0.0],
    [0.0, 0.0, -1.0, 34.0],
    [0.0, 0.0, 0.0, 1.0]
],
  "dcmmeta_shape": [408, 512, 35],
  "dcmmeta_slice_dim": 2,
  "dcmmeta_version": 0.6,
  "global": {
    "const": {
      "AcquisitionMatrix": [0, 512, 408, 0],
      "AcquisitionNumber": 1,
      "AngioFlag": "N",
      "BitsAllocated": 16,
      "BitsStored": 12,
      "Columns": 408,
      "EchoNumbers": 1,
      "EchoTime": 85.0,
      "EchoTrainLength": 15,
      "FlipAngle": 120.0,
      "HighBit": 11,
      "ImageOrientationPatient": [0.99804633129396, -0.060755473834, -0.0145702776182, -0.0122086248575, 0.03906309462321, -0.9991621610717],
      "ImageType": [
        "ORIGINAL",
        "PRIMARY",
        "M",
        "ND",
        "NORM"
],
      "ImagedNucleus": "1H",
      "ImagingFrequency": 123.254833,
      "InPlanePhaseEncodingDirection": "ROW",
      "MRAcquisitionType": "2D",
      "MagneticFieldStrength": 3.0,
      "Manufacturer": "SIEMENS",
      "ManufacturerModelName": "TrioTim",
      "Modality": "MR",
      "NumberOfAverages": 2.0,
      "NumberOfPhaseEncodingSteps": 420,
      "PercentPhaseFieldOfView": 79.6875,
      "PercentSampling": 100.0,
      "PerformedProcedureStepStartTime": "133813.937000",
      "PhotometricInterpretation": "MONOCHROME2",
      "PixelBandwidth": 195.0,
      "PixelRepresentation": 0,
      "PixelSpacing": [0.390625, 0.390625],
      "ProtocolName": "t2_0.4x0.4x1.6_12ch_TE85",
      "RepetitionTime": 7000.0,
      "Rows": 512,
      "SAR": 0.80184675589729,
      "SamplesPerPixel": 1,
      "ScanningSequence": "SE",
      "SequenceName": "*tse2d1_15",
      "SequenceVariant": [
        "SK",
        "SP",
        "OSP"
],
      "SeriesDescription": "t2_0.4x0.4x1.6_12ch_TE85",
      "SeriesNumber": 9,
      "SeriesTime": "145838.359000",
      "SliceThickness": 1.6000000238419,
      "SmallestImagePixelValue": 0,
      "SoftwareVersions": "syngo MR B17",
      "SpacingBetweenSlices": 1.6,
      "SpecificCharacterSet": "ISO_IR 100",
      "StudyID": "1",
      "StudyTime": "133813.875000",
      "TransmitCoilName": "Body",
      "VariableFlipAngleFlag": "N",
      "WindowCenterWidthExplanation": "Algo1",
      "dBdt": 0.0},
