{
  "AcquisitionMatrixPE": 256,
  "AcquisitionNumber": 1,
  "AcquisitionTime": "18:38:29.302500",
  "BaseResolution": 256,
  "CoilString": "T:HEA;HEP",
  "ConversionSoftware": "dcm2niix",
  "ConversionSoftwareVersion": "v1.0.20190410  GCC6.3.0",
  "DeviceSerialNumber": "35149",
  "DwellTime": 8.2e-06,
  "EchoTime": 0.00298,
  "FlipAngle": 9,
  "ImageOrientationPatientDICOM": [-0.0278191, 0.999613, 9.91541e-10, -0.0167635, -0.000466525, -0.999859],
  "ImageType": [
    "ORIGINAL",
    "PRIMARY",
    "M",
    "ND"
],
  "ImagingFrequency": 123.254,
  "InPlanePhaseEncodingDirectionDICOM": "ROW",
  "InstitutionAddress": "Street_StreetNo_Rehovot_91E162_District_IL_ZIP",
  "InstitutionName": "Weizmann",
  "InstitutionalDepartmentName": "Department",
  "InversionTime": 0.9,
  "MRAcquisitionType": "3D",
  "MagneticFieldStrength": 3,
  "Manufacturer": "Siemens",
  "ManufacturersModelName": "TrioTim",
  "Modality": "MR",
  "PartialFourier": 0.875,
  "PatientPosition": "HFS",
  "PercentPhaseFOV": 100,
  "PhaseEncodingSteps": 223,
  "PhaseResolution": 1,
  "PixelBandwidth": 238,
  "ProcedureStepDescription": "Weizmann_Sobel",
  "ProtocolName": "t1_mprage",
  "PulseSequenceDetails": "%SiemensSeq%_tfl",
  "ReceiveCoilName": "HeadMatrix",
  "ReconMatrixPE": 256,
  "RefLinesPE": 24,
  "RepetitionTime": 2.3,
  "SAR": 0.10882,
  "ScanOptions": "IR_PFP",
  "ScanningSequence": "GR_IR",
  "SequenceName": "_tfl3d1_ns",
  "SequenceVariant": "SP_MP",
  "SeriesDescription": "t1_mprage",
  "SeriesNumber": 4,
  "ShimSetting": [2326, 9437, -5358, 687, 310, -517, 370, 107],
  "SliceThickness": 1,
  "SoftwareVersions": "syngo_MR_B17",
  "StationName": "MRC35149",
  "TxRefAmp": 406.927,
  "dcmmeta_affine": [
    [0.9994723796844482, -0.027819113805890083, -0.0167634766548872, -85.4434814453125],
    [0.0278152022510767, 0.9996129870414734, -0.00046652465243823826, -103.66754913330078],
    [0.01676996797323227, -9.915411824934495e-10, 0.9998593926429749, -145.4867401123047],
    [0.0, 0.0, 0.0, 1.0]
],
  "dcmmeta_reorient_transform": [
    [0.0, 0.0, -1.0, 255.0],
    [0.0, -1.0, 0.0, 255.0],
    [-1.0, 0.0, 0.0, 175.0],
    [0.0, 0.0, 0.0, 1.0]
],
  "dcmmeta_shape": [176, 256, 256],
  "dcmmeta_slice_dim": 0,
  "dcmmeta_version": 0.6,
  "global": {
    "const": {
      "AcquisitionMatrix": [0, 256, 256, 0],
      "AcquisitionNumber": 1,
      "AcquisitionTime": "183829.302500",
      "AngioFlag": "N",
      "BitsAllocated": 16,
      "BitsStored": 12,
      "Columns": 256,
      "EchoNumbers": 1,
      "EchoTime": 2.98,
      "EchoTrainLength": 1,
      "FlipAngle": 9.0,
      "HighBit": 11,
      "ImageOrientationPatient": [-0.0278191146694, 0.99961297353476, 9.915412e-10, -0.016763476906, -0.0004665246523, -0.9998593742106],
      "ImageType": [
        "ORIGINAL",
        "PRIMARY",
        "M",
        "ND"
],
      "ImagedNucleus": "1H",
      "ImagingFrequency": 123.25448,
      "InPlanePhaseEncodingDirection": "ROW",
      "InversionTime": 900.0,
      "MRAcquisitionType": "3D",
      "MagneticFieldStrength": 3.0,
      "Manufacturer": "SIEMENS",
      "ManufacturerModelName": "TrioTim",
      "Modality": "MR",
      "NumberOfAverages": 1.0,
      "NumberOfPhaseEncodingSteps": 223,
      "PercentPhaseFieldOfView": 100.0,
      "PercentSampling": 100.0,
      "PerformedProcedureStepStartTime": "181737.515000",
      "PhotometricInterpretation": "MONOCHROME2",
      "PixelBandwidth": 238.0,
      "PixelRepresentation": 0,
      "PixelSpacing": [1.0, 1.0],
      "ProtocolName": "t1_mprage",
      "RepetitionTime": 2300.0,
      "Rows": 256,
      "SAR": 0.10881999189604,
      "SamplesPerPixel": 1,
      "ScanOptions": [
        "IR",
        "PFP"
],
      "ScanningSequence": [
        "GR",
        "IR"
],
      "SequenceName": "*tfl3d1_ns",
      "SequenceVariant": [
        "SP",
        "MP"
],
      "SeriesDescription": "t1_mprage",
      "SeriesNumber": 4,
      "SeriesTime": "184314.609000",
      "SliceThickness": 1.0,
      "SmallestImagePixelValue": 0,
      "SoftwareVersions": "syngo MR B17",
      "SpecificCharacterSet": "ISO_IR 100",
      "StudyID": "1",
      "StudyTime": "181737.406000",
      "TransmitCoilName": "Body",
      "VariableFlipAngleFlag": "N",
      "WindowCenterWidthExplanation": "Algo1",
      "dBdt": 0.0},
