{
  "AcquisitionMatrixPE": 408,
  "AcquisitionNumber": 1,
  "AcquisitionTime": "13:06:25.447500",
  "BaseResolution": 512,
  "CoilString": "C:HEA;HEP",
  "ConversionSoftware": "dcm2niix",
  "ConversionSoftwareVersion": "v1.0.20190410  GCC6.3.0",
  "DeviceSerialNumber": "35149",
  "DwellTime": 5e-06,
  "EchoTime": 0.085,
  "EchoTrainLength": 15,
  "FlipAngle": 120,
  "ImageOrientationPatientDICOM": [0.999902, -0.00898608, 0.0106924, 0.0105301, -0.0179211, -0.999784],
  "ImageType": [
    "ORIGINAL",
    "PRIMARY",
    "M",
    "ND",
    "NORM"
],
  "ImagingFrequency": 123.255,
  "InPlanePhaseEncodingDirectionDICOM": "ROW",
  "InstitutionAddress": "Street_StreetNo_Rehovot_91E162_District_IL_ZIP",
  "InstitutionName": "Weizmann",
  "InstitutionalDepartmentName": "Department",
  "MRAcquisitionType": "2D",
  "MagneticFieldStrength": 3,
  "Manufacturer": "Siemens",
  "ManufacturersModelName": "TrioTim",
  "Modality": "MR",
  "NumberOfAverages": 2,
  "PartialFourier": 1,
  "PatientPosition": "HFS",
  "PercentPhaseFOV": 79.6875,
  "PhaseEncodingDirection": "i",
  "PhaseEncodingSteps": 420,
  "PhaseResolution": 1,
  "PixelBandwidth": 195,
  "ProcedureStepDescription": "Weizmann_Sobel",
  "ProtocolName": "t2_0.4x0.4x1.6_12ch_TE85",
  "PulseSequenceDetails": "%SiemensSeq%_tse",
  "ReceiveCoilName": "32Ch_Head",
  "ReconMatrixPE": 408,
  "RepetitionTime": 5.19,
  "SAR": 0.701343,
  "ScanningSequence": "SE",
  "SequenceName": "_tse2d1_15",
  "SequenceVariant": "SK_SP_OSP",
  "SeriesDescription": "t2_0.4x0.4x1.6_12ch_TE85",
  "SeriesNumber": 3,
  "ShimSetting": [2478, 9082, -5822, -323, 364, -1172, 797, -483],
  "SliceThickness": 1.6,
  "SoftwareVersions": "syngo_MR_B17",
  "SpacingBetweenSlices": 1.6,
  "StationName": "MRC35149",
  "TxRefAmp": 413.995,
  "dcmmeta_affine": [
    [-0.39058688282966614, 0.004113326780498028, -0.014680862426757812, 86.06702423095703],
    [0.0035101857502013445, -0.007000428158789873, -1.5996780395507812, 92.26021575927734],
    [0.004176734481006861, 0.39054059982299805, -0.028519630432128906, -112.81257629394531],
    [0.0, 0.0, 0.0, 1.0]
],
  "dcmmeta_reorient_transform": [
    [0.0, -1.0, 0.0, 511.0],
    [1.0, 0.0, 0.0, 0.0],
    [0.0, 0.0, -1.0, 34.0],
    [0.0, 0.0, 0.0, 1.0]
],
  "dcmmeta_shape": [408, 512, 35],
  "dcmmeta_slice_dim": 2,
  "dcmmeta_version": 0.6,
  "global": {
    "const": {
      "AcquisitionMatrix": [0, 512, 408, 0],
      "AcquisitionNumber": 1,
      "AngioFlag": "N",
      "BitsAllocated": 16,
      "BitsStored": 12,
      "Columns": 408,
      "EchoNumbers": 1,
      "EchoTime": 85.0,
      "EchoTrainLength": 15,
      "FlipAngle": 120.0,
      "HighBit": 11,
      "ImageOrientationPatient": [0.99990245632881, -0.0089860754399, 0.01069244012419, 0.01053011687136, -0.017921095963, -0.9997839521407],
      "ImageType": [
        "ORIGINAL",
        "PRIMARY",
        "M",
        "ND",
        "NORM"
],
      "ImagedNucleus": "1H",
      "ImagingFrequency": 123.254673,
      "InPlanePhaseEncodingDirection": "ROW",
      "MRAcquisitionType": "2D",
      "MagneticFieldStrength": 3.0,
      "Manufacturer": "SIEMENS",
      "ManufacturerModelName": "TrioTim",
      "Modality": "MR",
      "NumberOfAverages": 2.0,
      "NumberOfPhaseEncodingSteps": 420,
      "PercentPhaseFieldOfView": 79.6875,
      "PercentSampling": 100.0,
      "PerformedProcedureStepStartTime": "130127.859000",
      "PhotometricInterpretation": "MONOCHROME2",
      "PixelBandwidth": 195.0,
      "PixelRepresentation": 0,
      "PixelSpacing": [0.390625, 0.390625],
      "ProtocolName": "t2_0.4x0.4x1.6_12ch_TE85",
      "RepetitionTime": 5190.0,
      "Rows": 512,
      "SAR": 0.70134312332421,
      "SamplesPerPixel": 1,
      "ScanningSequence": "SE",
      "SequenceName": "*tse2d1_15",
      "SequenceVariant": [
        "SK",
        "SP",
        "OSP"
],
      "SeriesDescription": "t2_0.4x0.4x1.6_12ch_TE85",
      "SeriesNumber": 3,
      "SeriesTime": "131113.796000",
      "SliceThickness": 1.6000000238419,
      "SmallestImagePixelValue": 0,
      "SoftwareVersions": "syngo MR B17",
      "SpacingBetweenSlices": 1.6,
      "SpecificCharacterSet": "ISO_IR 100",
      "StudyID": "1",
      "StudyTime": "130127.796000",
      "TransmitCoilName": "Body",
      "VariableFlipAngleFlag": "N",
      "WindowCenterWidthExplanation": "Algo1",
      "dBdt": 0.0},
