{
  "AcquisitionMatrixPE": 256,
  "AcquisitionNumber": 1,
  "AcquisitionTime": "18:46:32.270000",
  "BaseResolution": 256,
  "CoilString": "T:HEA;HEP",
  "ConversionSoftware": "dcm2niix",
  "ConversionSoftwareVersion": "v1.0.20190410  GCC6.3.0",
  "DeviceSerialNumber": "35149",
  "DwellTime": 8.2e-06,
  "EchoTime": 0.00298,
  "FlipAngle": 9,
  "ImageOrientationPatientDICOM": [0.0549417, 0.986163, 0.156407, -0.0104142, 0.157201, -0.987512],
  "ImageType": [
    "ORIGINAL",
    "PRIMARY",
    "M",
    "ND"
],
  "ImagingFrequency": 123.255,
  "InPlanePhaseEncodingDirectionDICOM": "ROW",
  "InstitutionAddress": "Street_StreetNo_Rehovot_91E162_District_IL_ZIP",
  "InstitutionName": "Weizmann",
  "InstitutionalDepartmentName": "Department",
  "InversionTime": 0.9,
  "MRAcquisitionType": "3D",
  "MagneticFieldStrength": 3,
  "Manufacturer": "Siemens",
  "ManufacturersModelName": "TrioTim",
  "Modality": "MR",
  "PartialFourier": 0.875,
  "PatientPosition": "HFS",
  "PercentPhaseFOV": 100,
  "PhaseEncodingSteps": 223,
  "PhaseResolution": 1,
  "PixelBandwidth": 238,
  "ProcedureStepDescription": "Weizmann_Sobel",
  "ProtocolName": "t1_mprage",
  "PulseSequenceDetails": "%SiemensSeq%_tfl",
  "ReceiveCoilName": "HeadMatrix",
  "ReconMatrixPE": 256,
  "RefLinesPE": 24,
  "RepetitionTime": 2.3,
  "SAR": 0.0876634,
  "ScanOptions": "IR_PFP",
  "ScanningSequence": "GR_IR",
  "SequenceName": "_tfl3d1_ns",
  "SequenceVariant": "SP_MP",
  "SeriesDescription": "t1_mprage",
  "SeriesNumber": 4,
  "ShimSetting": [2324, 9476, -5446, 756, 120, -399, 91, 186],
  "SliceThickness": 1,
  "SoftwareVersions": "syngo_MR_B17",
  "StationName": "MRC35149",
  "TxRefAmp": 268.807,
  "dcmmeta_affine": [
    [0.9984352588653564, 0.05494174733757973, -0.010414178483188152, -102.94235229492188],
    [-0.052626777440309525, 0.9861634969711304, 0.15720057487487793, -121.53280639648438],
    [0.018906956538558006, -0.15640652179718018, 0.9875118136405945, -125.52285766601562],
    [0.0, 0.0, 0.0, 1.0]
],
  "dcmmeta_reorient_transform": [
    [0.0, 0.0, -1.0, 255.0],
    [0.0, -1.0, 0.0, 255.0],
    [-1.0, 0.0, 0.0, 175.0],
    [0.0, 0.0, 0.0, 1.0]
],
  "dcmmeta_shape": [176, 256, 256],
  "dcmmeta_slice_dim": 0,
  "dcmmeta_version": 0.6,
  "global": {
    "const": {
      "AcquisitionMatrix": [0, 256, 256, 0],
      "AcquisitionNumber": 1,
      "AcquisitionTime": "184632.270000",
      "AngioFlag": "N",
      "BitsAllocated": 16,
      "BitsStored": 12,
      "Columns": 256,
      "EchoNumbers": 1,
      "EchoTime": 2.98,
      "EchoTrainLength": 1,
      "FlipAngle": 9.0,
      "HighBit": 11,
      "ImageOrientationPatient": [0.05494174586126, 0.98616347714506, 0.15640652450229, -0.0104141786364, 0.15720056866009, -0.9875117852949],
      "ImageType": [
        "ORIGINAL",
        "PRIMARY",
        "M",
        "ND"
],
      "ImagedNucleus": "1H",
      "ImagingFrequency": 123.254601,
      "InPlanePhaseEncodingDirection": "ROW",
      "InversionTime": 900.0,
      "MRAcquisitionType": "3D",
      "MagneticFieldStrength": 3.0,
      "Manufacturer": "SIEMENS",
      "ManufacturerModelName": "TrioTim",
      "Modality": "MR",
      "NumberOfAverages": 1.0,
      "NumberOfPhaseEncodingSteps": 223,
      "PercentPhaseFieldOfView": 100.0,
      "PercentSampling": 100.0,
      "PerformedProcedureStepStartTime": "182601.125000",
      "PhotometricInterpretation": "MONOCHROME2",
      "PixelBandwidth": 238.0,
      "PixelRepresentation": 0,
      "PixelSpacing": [1.0, 1.0],
      "ProtocolName": "t1_mprage",
      "RepetitionTime": 2300.0,
      "Rows": 256,
      "SAR": 0.08766338010343,
      "SamplesPerPixel": 1,
      "ScanOptions": [
        "IR",
        "PFP"
],
      "ScanningSequence": [
        "GR",
        "IR"
],
      "SequenceName": "*tfl3d1_ns",
      "SequenceVariant": [
        "SP",
        "MP"
],
      "SeriesDescription": "t1_mprage",
      "SeriesNumber": 4,
      "SeriesTime": "185117.593000",
      "SliceThickness": 1.0,
      "SmallestImagePixelValue": 0,
      "SoftwareVersions": "syngo MR B17",
      "SpecificCharacterSet": "ISO_IR 100",
      "StudyID": "1",
      "StudyTime": "182601.062000",
      "TransmitCoilName": "Body",
      "VariableFlipAngleFlag": "N",
      "WindowCenterWidthExplanation": "Algo1",
      "dBdt": 0.0},
