{
  "AcquisitionMatrixPE": 72,
  "AcquisitionNumber": 1,
  "AcquisitionTime": "11:57:35.752500",
  "BandwidthPerPixelPhaseEncode": 28.935,
  "BaseResolution": 72,
  "CoilString": "C:HEA;HEP",
  "ConversionSoftware": "dcm2niix",
  "ConversionSoftwareVersion": "v1.0.20190410  GCC6.3.0",
  "DerivedVendorReportedEchoSpacing": 0.000480003,
  "DeviceSerialNumber": "35149",
  "DwellTime": 2.9e-06,
  "EchoTime": 0.025,
  "EffectiveEchoSpacing": 0.000480003,
  "FlipAngle": 75,
  "ImageOrientationPatientDICOM": [0.999405, -0.00386343, 0.0342697, 0.0200455, 0.873679, -0.486089],
  "ImageType": [
    "ORIGINAL",
    "PRIMARY",
    "M",
    "ND",
    "MOSAIC"
],
  "ImagingFrequency": 123.254,
  "InPlanePhaseEncodingDirectionDICOM": "COL",
  "InstitutionAddress": "Street_StreetNo_Rehovot_91E162_District_IL_ZIP",
  "InstitutionName": "Weizmann",
  "InstitutionalDepartmentName": "Department",
  "MRAcquisitionType": "2D",
  "MagneticFieldStrength": 3,
  "Manufacturer": "Siemens",
  "ManufacturersModelName": "TrioTim",
  "Modality": "MR",
  "PartialFourier": 1,
  "PatientPosition": "HFS",
  "PercentPhaseFOV": 100,
  "PhaseEncodingDirection": "j-",
  "PhaseEncodingSteps": 72,
  "PhaseResolution": 1,
  "PixelBandwidth": 2395,
  "ProcedureStepDescription": "Weizmann_Sobel",
  "ProtocolName": "exp1_30_to_AC-PC",
  "PulseSequenceDetails": "%SiemensSeq%_ep2d_pace",
  "ReceiveCoilName": "HeadMatrix",
  "ReconMatrixPE": 72,
  "RepetitionTime": 2,
  "SAR": 0.11477,
  "ScanOptions": "FS",
  "ScanningSequence": "EP",
  "SequenceName": "_epfid2d1_72",
  "SequenceVariant": "SK",
  "SeriesDescription": "exp1_30_to_AC-PC",
  "SeriesNumber": 5,
  "ShimSetting": [2394, 9392, -5388, 828, 280, -612, 113, 21],
  "SliceThickness": 3.7,
  "SliceTiming": [0.995, 0, 1.0525, 0.06, 1.1125, 0.1175, 1.17, 0.1775, 1.2275, 0.235, 1.2875, 0.2925, 1.345, 0.3525, 1.405, 0.41, 1.4625, 0.47, 1.52, 0.5275, 1.58, 0.585, 1.6375, 0.645, 1.6975, 0.7025, 1.755, 0.76, 1.8125, 0.82, 1.8725, 0.8775, 1.93, 0.9375],
  "SoftwareVersions": "syngo_MR_B17",
  "SpacingBetweenSlices": 3.7,
  "StationName": "MRC35149",
  "TaskName": "bodyodor",
  "TotalReadoutTime": 0.0340802,
  "TxRefAmp": 265.508,
  "VendorReportedEchoSpacing": 0.00048,
  "dcmmeta_affine": [
    [-2.998215436935425, 0.060136426240205765, 0.10383230447769165, 109.80548858642578],
    [0.01159029733389616, 2.621037721633911, -1.800002098083496, -54.148048400878906],
    [0.10280921310186386, 1.4582678079605103, 3.2309768199920654, -93.48059844970703],
    [0.0, 0.0, 0.0, 1.0]
],
  "dcmmeta_reorient_transform": [
    [0.0, -1.0, 0.0, 71.0],
    [1.0, 0.0, 0.0, 0.0],
    [0.0, 0.0, 1.0, 0.0],
    [0.0, 0.0, 0.0, 1.0]
],
  "dcmmeta_shape": [72, 72, 34, 450],
  "dcmmeta_slice_dim": 2,
  "dcmmeta_version": 0.6,
  "global": {
    "const": {
      "AcquisitionMatrix": [72, 0, 0, 72],
      "AngioFlag": "N",
      "BitsAllocated": 16,
      "BitsStored": 12,
      "Columns": 432,
      "EchoNumbers": 1,
      "EchoTime": 25.0,
      "EchoTrainLength": 1,
      "FlipAngle": 75.0,
      "HighBit": 11,
      "ImageOrientationPatient": [0.9994051525746, -0.0038634323083, 0.03426973735155, 0.0200454756174, 0.87367924185432, -0.4860892523602],
      "ImagePositionPatient": [-664.57851630761, -601.64616826749, 254.03894867972],
      "ImageType": [
        "ORIGINAL",
        "PRIMARY",
        "M",
        "ND",
        "MOSAIC"
],
      "ImagedNucleus": "1H",
      "ImagingFrequency": 123.254387,
      "InPlanePhaseEncodingDirection": "COL",
      "MRAcquisitionType": "2D",
      "MagneticFieldStrength": 3.0,
      "Manufacturer": "SIEMENS",
      "ManufacturerModelName": "TrioTim",
      "Modality": "MR",
      "NumberOfAverages": 1.0,
      "NumberOfPhaseEncodingSteps": 72,
      "PercentPhaseFieldOfView": 100.0,
      "PercentSampling": 100.0,
      "PerformedProcedureStepStartTime": "111037.937000",
      "PhotometricInterpretation": "MONOCHROME2",
      "PixelBandwidth": 2395.0,
      "PixelRepresentation": 0,
      "PixelSpacing": [3.0, 3.0],
      "ProtocolName": "exp1_30_to_AC-PC",
      "RepetitionTime": 2000.0,
      "Rows": 432,
      "SAR": 0.11476966024043,
      "SamplesPerPixel": 1,
      "ScanOptions": "FS",
      "ScanningSequence": "EP",
      "SequenceName": "*epfid2d1_72",
      "SequenceVariant": "SK",
      "SeriesDescription": "exp1_30_to_AC-PC",
      "SeriesNumber": 5,
      "SeriesTime": "115816.906000",
      "SliceLocation": -52.206944914061,
      "SliceThickness": 3.7000000476837,
      "SmallestImagePixelValue": 0,
      "SoftwareVersions": "syngo MR B17",
      "SpacingBetweenSlices": 3.7000000299085,
      "SpecificCharacterSet": "ISO_IR 100",
      "StudyID": "2",
      "StudyTime": "111037.890000",
      "TransmitCoilName": "Body",
      "VariableFlipAngleFlag": "N",
      "WindowCenterWidthExplanation": "Algo1",
      "dBdt": 0.0},
