{
  "AcquisitionMatrixPE": 72,
  "AcquisitionNumber": 1,
  "AcquisitionTime": "13:29:4.740000",
  "BandwidthPerPixelPhaseEncode": 28.935,
  "BaseResolution": 72,
  "CoilString": "C:HEA;HEP",
  "ConversionSoftware": "dcm2niix",
  "ConversionSoftwareVersion": "v1.0.20190410  GCC6.3.0",
  "DerivedVendorReportedEchoSpacing": 0.000480003,
  "DeviceSerialNumber": "35149",
  "DwellTime": 2.9e-06,
  "EchoTime": 0.025,
  "EffectiveEchoSpacing": 0.000480003,
  "FlipAngle": 75,
  "ImageOrientationPatientDICOM": [0.998895, 0.0359349, -0.0303016, -0.0461421, 0.872591, -0.486267],
  "ImageType": [
    "ORIGINAL",
    "PRIMARY",
    "M",
    "ND",
    "MOSAIC"
],
  "ImagingFrequency": 123.255,
  "InPlanePhaseEncodingDirectionDICOM": "COL",
  "InstitutionAddress": "Street_StreetNo_Rehovot_91E162_District_IL_ZIP",
  "InstitutionName": "Weizmann",
  "InstitutionalDepartmentName": "Department",
  "MRAcquisitionType": "2D",
  "MagneticFieldStrength": 3,
  "Manufacturer": "Siemens",
  "ManufacturersModelName": "TrioTim",
  "Modality": "MR",
  "PartialFourier": 1,
  "PatientPosition": "HFS",
  "PercentPhaseFOV": 100,
  "PhaseEncodingDirection": "j-",
  "PhaseEncodingSteps": 72,
  "PhaseResolution": 1,
  "PixelBandwidth": 2395,
  "ProcedureStepDescription": "Weizmann_Sobel",
  "ProtocolName": "exp1_30_to_AC-PC",
  "PulseSequenceDetails": "%SiemensSeq%_ep2d_pace",
  "ReceiveCoilName": "HeadMatrix",
  "ReconMatrixPE": 72,
  "RepetitionTime": 2,
  "SAR": 0.15538,
  "ScanOptions": "FS",
  "ScanningSequence": "EP",
  "SequenceName": "_epfid2d1_72",
  "SequenceVariant": "SK",
  "SeriesDescription": "exp1_30_to_AC-PC",
  "SeriesNumber": 5,
  "ShimSetting": [2361, 9293, -5648, -162, 275, -637, -36, 38],
  "SliceThickness": 3.7,
  "SliceTiming": [0.9925, 0, 1.05, 0.0575, 1.11, 0.115, 1.1675, 0.175, 1.2275, 0.2325, 1.285, 0.29, 1.3425, 0.35, 1.4025, 0.4075, 1.46, 0.4675, 1.52, 0.525, 1.5775, 0.5825, 1.635, 0.6425, 1.695, 0.7, 1.7525, 0.76, 1.81, 0.8175, 1.87, 0.875, 1.9275, 0.935],
  "SoftwareVersions": "syngo_MR_B17",
  "SpacingBetweenSlices": 3.7,
  "StationName": "MRC35149",
  "TaskName": "blank",
  "TotalReadoutTime": 0.0340802,
  "TxRefAmp": 341.179,
  "VendorReportedEchoSpacing": 0.00048,
  "dcmmeta_affine": [
    [-2.9966838359832764, -0.13842640817165375, -0.03317776694893837, 114.56292724609375],
    [-0.10780464112758636, 2.6177732944488525, -1.8023728132247925, -34.65068054199219],
    [-0.0909048318862915, 1.45880126953125, 3.2311534881591797, -69.67406463623047],
    [0.0, 0.0, 0.0, 1.0]
],
  "dcmmeta_reorient_transform": [
    [0.0, -1.0, 0.0, 71.0],
    [1.0, 0.0, 0.0, 0.0],
    [0.0, 0.0, 1.0, 0.0],
    [0.0, 0.0, 0.0, 1.0]
],
  "dcmmeta_shape": [72, 72, 34, 466],
  "dcmmeta_slice_dim": 2,
  "dcmmeta_version": 0.6,
  "global": {
    "const": {
      "AcquisitionMatrix": [72, 0, 0, 72],
      "AngioFlag": "N",
      "BitsAllocated": 16,
      "BitsStored": 12,
      "Columns": 432,
      "EchoNumbers": 1,
      "EchoTime": 25.0,
      "EchoTrainLength": 1,
      "FlipAngle": 75.0,
      "HighBit": 11,
      "ImageOrientationPatient": [0.99889463745575, 0.0359348814378, -0.0303016098284, -0.0461421371414, 0.87259108767725, -0.4862671044665],
      "ImagePositionPatient": [-619.22100347397, -641.81524394114, 312.84793700409],
      "ImageType": [
        "ORIGINAL",
        "PRIMARY",
        "M",
        "ND",
        "MOSAIC"
],
      "ImagedNucleus": "1H",
      "ImagingFrequency": 123.255057,
      "InPlanePhaseEncodingDirection": "COL",
      "MRAcquisitionType": "2D",
      "MagneticFieldStrength": 3.0,
      "Manufacturer": "SIEMENS",
      "ManufacturerModelName": "TrioTim",
      "Modality": "MR",
      "NumberOfAverages": 1.0,
      "NumberOfPhaseEncodingSteps": 72,
      "PercentPhaseFieldOfView": 100.0,
      "PercentSampling": 100.0,
      "PerformedProcedureStepStartTime": "130349.828000",
      "PhotometricInterpretation": "MONOCHROME2",
      "PixelBandwidth": 2395.0,
      "PixelRepresentation": 0,
      "PixelSpacing": [3.0, 3.0],
      "ProtocolName": "exp1_30_to_AC-PC",
      "RepetitionTime": 2000.0,
      "Rows": 432,
      "SAR": 0.15537997783607,
      "SamplesPerPixel": 1,
      "ScanOptions": "FS",
      "ScanningSequence": "EP",
      "SequenceName": "*epfid2d1_72",
      "SequenceVariant": "SK",
      "SeriesDescription": "exp1_30_to_AC-PC",
      "SeriesNumber": 5,
      "SeriesTime": "132948.750000",
      "SliceLocation": -44.993262408791,
      "SliceThickness": 3.7000000476837,
      "SmallestImagePixelValue": 0,
      "SoftwareVersions": "syngo MR B17",
      "SpacingBetweenSlices": 3.7000001303472,
      "SpecificCharacterSet": "ISO_IR 100",
      "StudyID": "1",
      "StudyTime": "130349.781000",
      "TransmitCoilName": "Body",
      "VariableFlipAngleFlag": "N",
      "WindowCenterWidthExplanation": "Algo1",
      "dBdt": 0.0},
