{
  "AcquisitionMatrixPE": 408,
  "AcquisitionNumber": 1,
  "AcquisitionTime": "10:22:3.722500",
  "BaseResolution": 512,
  "CoilString": "C:HEA;HEP",
  "ConversionSoftware": "dcm2niix",
  "ConversionSoftwareVersion": "v1.0.20190410  GCC6.3.0",
  "DeviceSerialNumber": "35149",
  "DwellTime": 5e-06,
  "EchoTime": 0.085,
  "EchoTrainLength": 15,
  "FlipAngle": 120,
  "ImageOrientationPatientDICOM": [0.997531, 0.00627096, -0.0699458, -0.0701976, 0.117527, -0.990586],
  "ImageType": [
    "ORIGINAL",
    "PRIMARY",
    "M",
    "ND",
    "NORM"
],
  "ImagingFrequency": 123.255,
  "InPlanePhaseEncodingDirectionDICOM": "ROW",
  "InstitutionAddress": "Street_StreetNo_Rehovot_91E162_District_IL_ZIP",
  "InstitutionName": "Weizmann",
  "InstitutionalDepartmentName": "Department",
  "MRAcquisitionType": "2D",
  "MagneticFieldStrength": 3,
  "Manufacturer": "Siemens",
  "ManufacturersModelName": "TrioTim",
  "Modality": "MR",
  "NumberOfAverages": 2,
  "PartialFourier": 1,
  "PatientPosition": "HFS",
  "PercentPhaseFOV": 79.6875,
  "PhaseEncodingDirection": "i",
  "PhaseEncodingSteps": 420,
  "PhaseResolution": 1,
  "PixelBandwidth": 195,
  "ProcedureStepDescription": "Weizmann_Sobel",
  "ProtocolName": "t2_0.4x0.4x1.6_12ch_TE85",
  "PulseSequenceDetails": "%SiemensSeq%_tse",
  "ReceiveCoilName": "32Ch_Head",
  "ReconMatrixPE": 408,
  "RepetitionTime": 7,
  "SAR": 0.934119,
  "ScanningSequence": "SE",
  "SequenceName": "_tse2d1_15",
  "SequenceVariant": "SK_SP_OSP",
  "SeriesDescription": "t2_0.4x0.4x1.6_12ch_TE85",
  "SeriesNumber": 8,
  "ShimSetting": [2350, 10099, -5473, 1152, 649, 235, 879, 62],
  "SliceThickness": 1.6,
  "SoftwareVersions": "syngo_MR_B17",
  "SpacingBetweenSlices": 1.6,
  "StationName": "MRC35149",
  "TxRefAmp": 275.523,
  "dcmmeta_affine": [
    [-0.3896605670452118, -0.027420947328209877, -0.003213644027709961, 89.63510131835938],
    [-0.002449595369398594, 0.04590902104973793, -1.5888786315917969, 90.43595886230469],
    [-0.02732258290052414, 0.38694748282432556, 0.18828392028808594, -78.57467651367188],
    [0.0, 0.0, 0.0, 1.0]
],
  "dcmmeta_reorient_transform": [
    [0.0, -1.0, 0.0, 511.0],
    [1.0, 0.0, 0.0, 0.0],
    [0.0, 0.0, -1.0, 34.0],
    [0.0, 0.0, 0.0, 1.0]
],
  "dcmmeta_shape": [408, 512, 35],
  "dcmmeta_slice_dim": 2,
  "dcmmeta_version": 0.6,
  "global": {
    "const": {
      "AcquisitionMatrix": [0, 512, 408, 0],
      "AcquisitionNumber": 1,
      "AngioFlag": "N",
      "BitsAllocated": 16,
      "BitsStored": 12,
      "Columns": 408,
      "EchoNumbers": 1,
      "EchoTime": 85.0,
      "EchoTrainLength": 15,
      "FlipAngle": 120.0,
      "HighBit": 11,
      "ImageOrientationPatient": [0.99753108156923, 0.00627096387301, -0.0699458098489, -0.0701976269005, 0.11752709349908, -0.9905855215332],
      "ImageType": [
        "ORIGINAL",
        "PRIMARY",
        "M",
        "ND",
        "NORM"
],
      "ImagedNucleus": "1H",
      "ImagingFrequency": 123.255148,
      "InPlanePhaseEncodingDirection": "ROW",
      "MRAcquisitionType": "2D",
      "MagneticFieldStrength": 3.0,
      "Manufacturer": "SIEMENS",
      "ManufacturerModelName": "TrioTim",
      "Modality": "MR",
      "NumberOfAverages": 2.0,
      "NumberOfPhaseEncodingSteps": 420,
      "PercentPhaseFieldOfView": 79.6875,
      "PercentSampling": 100.0,
      "PerformedProcedureStepStartTime": "090522.718000",
      "PhotometricInterpretation": "MONOCHROME2",
      "PixelBandwidth": 195.0,
      "PixelRepresentation": 0,
      "PixelSpacing": [0.390625, 0.390625],
      "ProtocolName": "t2_0.4x0.4x1.6_12ch_TE85",
      "RepetitionTime": 7000.0,
      "Rows": 512,
      "SAR": 0.93411941374029,
      "SamplesPerPixel": 1,
      "ScanningSequence": "SE",
      "SequenceName": "*tse2d1_15",
      "SequenceVariant": [
        "SK",
        "SP",
        "OSP"
],
      "SeriesDescription": "t2_0.4x0.4x1.6_12ch_TE85",
      "SeriesNumber": 8,
      "SeriesTime": "102838.046000",
      "SliceThickness": 1.6000000238419,
      "SmallestImagePixelValue": 0,
      "SoftwareVersions": "syngo MR B17",
      "SpacingBetweenSlices": 1.6,
      "SpecificCharacterSet": "ISO_IR 100",
      "StudyID": "2",
      "StudyTime": "090522.671000",
      "TransmitCoilName": "Body",
      "VariableFlipAngleFlag": "N",
      "WindowCenterWidthExplanation": "Algo1",
      "dBdt": 0.0},
