{
  "AcquisitionMatrixPE": 72,
  "AcquisitionNumber": 1,
  "AcquisitionTime": "15:02:51.817500",
  "BandwidthPerPixelPhaseEncode": 28.935,
  "BaseResolution": 72,
  "CoilString": "C:HEA;HEP",
  "ConversionSoftware": "dcm2niix",
  "ConversionSoftwareVersion": "v1.0.20190410  GCC6.3.0",
  "DerivedVendorReportedEchoSpacing": 0.000480003,
  "DeviceSerialNumber": "35149",
  "DwellTime": 2.9e-06,
  "EchoTime": 0.025,
  "EffectiveEchoSpacing": 0.000480003,
  "FlipAngle": 75,
  "ImageOrientationPatientDICOM": [0.996249, -0.0582696, -0.0639804, 0.0278201, 0.915739, -0.400809],
  "ImageType": [
    "ORIGINAL",
    "PRIMARY",
    "M",
    "ND",
    "MOSAIC"
],
  "ImagingFrequency": 123.255,
  "InPlanePhaseEncodingDirectionDICOM": "COL",
  "InstitutionAddress": "Street_StreetNo_Rehovot_91E162_District_IL_ZIP",
  "InstitutionName": "Weizmann",
  "InstitutionalDepartmentName": "Department",
  "MRAcquisitionType": "2D",
  "MagneticFieldStrength": 3,
  "Manufacturer": "Siemens",
  "ManufacturersModelName": "TrioTim",
  "Modality": "MR",
  "PartialFourier": 1,
  "PatientPosition": "HFS",
  "PercentPhaseFOV": 100,
  "PhaseEncodingDirection": "j-",
  "PhaseEncodingSteps": 72,
  "PhaseResolution": 1,
  "PixelBandwidth": 2395,
  "ProcedureStepDescription": "Weizmann_Sobel",
  "ProtocolName": "exp1_30_to_AC-PC",
  "PulseSequenceDetails": "%SiemensSeq%_ep2d_pace",
  "ReceiveCoilName": "HeadMatrix",
  "ReconMatrixPE": 72,
  "RepetitionTime": 2,
  "SAR": 0.148503,
  "ScanOptions": "FS",
  "ScanningSequence": "EP",
  "SequenceName": "_epfid2d1_72",
  "SequenceVariant": "SK",
  "SeriesDescription": "exp1_30_to_AC-PC",
  "SeriesNumber": 3,
  "ShimSetting": [2289, 9314, -5354, 129, 24, -350, 67, 177],
  "SliceThickness": 3.7,
  "SliceTiming": [0.995, 0, 1.0525, 0.06, 1.1125, 0.1175, 1.17, 0.1775, 1.2275, 0.235, 1.2875, 0.2925, 1.345, 0.3525, 1.405, 0.41, 1.4625, 0.4675, 1.52, 0.5275, 1.58, 0.585, 1.6375, 0.645, 1.6975, 0.7025, 1.755, 0.76, 1.8125, 0.82, 1.8725, 0.8775, 1.93, 0.9375],
  "SoftwareVersions": "syngo_MR_B17",
  "SpacingBetweenSlices": 3.7,
  "StationName": "MRC35149",
  "TaskName": "blank",
  "TotalReadoutTime": 0.0340802,
  "TxRefAmp": 264.933,
  "VendorReportedEchoSpacing": 0.00048,
  "dcmmeta_affine": [
    [-2.98874568939209, 0.08346040546894073, -0.3031940162181854, 107.18537139892578],
    [0.17480871081352234, 2.7472169399261475, -1.4708458185195923, -67.89557647705078],
    [-0.19194117188453674, 1.2024283409118652, 3.381521224975586, -55.629661560058594],
    [0.0, 0.0, 0.0, 1.0]
],
  "dcmmeta_reorient_transform": [
    [0.0, -1.0, 0.0, 71.0],
    [1.0, 0.0, 0.0, 0.0],
    [0.0, 0.0, 1.0, 0.0],
    [0.0, 0.0, 0.0, 1.0]
],
  "dcmmeta_shape": [72, 72, 34, 450],
  "dcmmeta_slice_dim": 2,
  "dcmmeta_version": 0.6,
  "global": {
    "const": {
      "AcquisitionMatrix": [72, 0, 0, 72],
      "AngioFlag": "N",
      "BitsAllocated": 16,
      "BitsStored": 12,
      "Columns": 432,
      "EchoNumbers": 1,
      "EchoTime": 25.0,
      "EchoTrainLength": 1,
      "FlipAngle": 75.0,
      "HighBit": 11,
      "ImageOrientationPatient": [0.99624854679166, -0.0582695701037, -0.0639803893037, 0.02782013495147, 0.91573894387415, -0.4008094644136],
      "ImagePositionPatient": [-666.10814655667, -590.19027932535, 280.72927541938],
      "ImageType": [
        "ORIGINAL",
        "PRIMARY",
        "M",
        "ND",
        "MOSAIC"
],
      "ImagedNucleus": "1H",
      "ImagingFrequency": 123.254671,
      "InPlanePhaseEncodingDirection": "COL",
      "MRAcquisitionType": "2D",
      "MagneticFieldStrength": 3.0,
      "Manufacturer": "SIEMENS",
      "ManufacturerModelName": "TrioTim",
      "Modality": "MR",
      "NumberOfAverages": 1.0,
      "NumberOfPhaseEncodingSteps": 72,
      "PercentPhaseFieldOfView": 100.0,
      "PercentSampling": 100.0,
      "PerformedProcedureStepStartTime": "143737.781000",
      "PhotometricInterpretation": "MONOCHROME2",
      "PixelBandwidth": 2395.0,
      "PixelRepresentation": 0,
      "PixelSpacing": [3.0, 3.0],
      "ProtocolName": "exp1_30_to_AC-PC",
      "RepetitionTime": 2000.0,
      "Rows": 432,
      "SAR": 0.14850308625005,
      "SamplesPerPixel": 1,
      "ScanOptions": "FS",
      "ScanningSequence": "EP",
      "SequenceName": "*epfid2d1_72",
      "SequenceVariant": "SK",
      "SeriesDescription": "exp1_30_to_AC-PC",
      "SeriesNumber": 3,
      "SeriesTime": "150335.546000",
      "SliceLocation": -32.63430187049,
      "SliceThickness": 3.7000000476837,
      "SmallestImagePixelValue": 0,
      "SoftwareVersions": "syngo MR B17",
      "SpacingBetweenSlices": 3.6999999885216,
      "SpecificCharacterSet": "ISO_IR 100",
      "StudyID": "1",
      "StudyTime": "143737.656000",
      "TransmitCoilName": "Body",
      "VariableFlipAngleFlag": "N",
      "WindowCenterWidthExplanation": "Algo1",
      "dBdt": 0.0},
