{
  "AcquisitionMatrixPE": 72,
  "AcquisitionNumber": 1,
  "AcquisitionTime": "19:32:21.602500",
  "BandwidthPerPixelPhaseEncode": 28.935,
  "BaseResolution": 72,
  "CoilString": "C:HEA;HEP",
  "ConversionSoftware": "dcm2niix",
  "ConversionSoftwareVersion": "v1.0.20190410  GCC6.3.0",
  "DerivedVendorReportedEchoSpacing": 0.000480003,
  "DeviceSerialNumber": "35149",
  "DwellTime": 2.9e-06,
  "EchoTime": 0.025,
  "EffectiveEchoSpacing": 0.000480003,
  "FlipAngle": 75,
  "ImageOrientationPatientDICOM": [0.995883, -0.0259684, -0.0868495, -0.0301749, 0.808481, -0.587748],
  "ImageType": [
    "ORIGINAL",
    "PRIMARY",
    "M",
    "ND",
    "MOSAIC"
],
  "ImagingFrequency": 123.254,
  "InPlanePhaseEncodingDirectionDICOM": "COL",
  "InstitutionAddress": "Street_StreetNo_Rehovot_91E162_District_IL_ZIP",
  "InstitutionName": "Weizmann",
  "InstitutionalDepartmentName": "Department",
  "MRAcquisitionType": "2D",
  "MagneticFieldStrength": 3,
  "Manufacturer": "Siemens",
  "ManufacturersModelName": "TrioTim",
  "Modality": "MR",
  "PartialFourier": 1,
  "PatientPosition": "HFS",
  "PercentPhaseFOV": 100,
  "PhaseEncodingDirection": "j-",
  "PhaseEncodingSteps": 72,
  "PhaseResolution": 1,
  "PixelBandwidth": 2395,
  "ProcedureStepDescription": "Weizmann_Sobel",
  "ProtocolName": "exp1_30_to_AC-PC",
  "PulseSequenceDetails": "%SiemensSeq%_ep2d_pace",
  "ReceiveCoilName": "HeadMatrix",
  "ReconMatrixPE": 72,
  "RepetitionTime": 2,
  "SAR": 0.151174,
  "ScanOptions": "FS",
  "ScanningSequence": "EP",
  "SequenceName": "_epfid2d1_72",
  "SequenceVariant": "SK",
  "SeriesDescription": "exp1_30_to_AC-PC",
  "SeriesNumber": 7,
  "ShimSetting": [2253, 9550, -5361, 601, 208, -834, 172, 340],
  "SliceThickness": 3.7,
  "SliceTiming": [0.9925, 0, 1.0525, 0.0575, 1.11, 0.115, 1.1675, 0.175, 1.2275, 0.2325, 1.285, 0.2925, 1.3425, 0.35, 1.4025, 0.4075, 1.46, 0.4675, 1.52, 0.525, 1.5775, 0.585, 1.635, 0.6425, 1.695, 0.7, 1.7525, 0.76, 1.8125, 0.8175, 1.87, 0.875, 1.9275, 0.935],
  "SoftwareVersions": "syngo_MR_B17",
  "SpacingBetweenSlices": 3.7,
  "StationName": "MRC35149",
  "TaskName": "blank",
  "TotalReadoutTime": 0.0340802,
  "TxRefAmp": 288.339,
  "VendorReportedEchoSpacing": 0.00048,
  "dcmmeta_affine": [
    [-2.9876487255096436, -0.0905245840549469, -0.31627264618873596, 111.05606079101562],
    [0.07790522277355194, 2.4254443645477295, -2.1754090785980225, -43.112579345703125],
    [-0.26054859161376953, 1.7632428407669067, 2.976165771484375, -76.16927337646484],
    [0.0, 0.0, 0.0, 1.0]
],
  "dcmmeta_reorient_transform": [
    [0.0, -1.0, 0.0, 71.0],
    [1.0, 0.0, 0.0, 0.0],
    [0.0, 0.0, 1.0, 0.0],
    [0.0, 0.0, 0.0, 1.0]
],
  "dcmmeta_shape": [72, 72, 34, 450],
  "dcmmeta_slice_dim": 2,
  "dcmmeta_version": 0.6,
  "global": {
    "const": {
      "AcquisitionMatrix": [72, 0, 0, 72],
      "AngioFlag": "N",
      "BitsAllocated": 16,
      "BitsStored": 12,
      "Columns": 432,
      "EchoNumbers": 1,
      "EchoTime": 25.0,
      "EchoTrainLength": 1,
      "FlipAngle": 75.0,
      "HighBit": 11,
      "ImageOrientationPatient": [0.99588292506173, -0.0259684086114, -0.0868495326682, -0.0301748619605, 0.80848142643042, -0.5877476166032],
      "ImagePositionPatient": [-626.11116998788, -551.65099322493, 413.30343102982],
      "ImageType": [
        "ORIGINAL",
        "PRIMARY",
        "M",
        "ND",
        "MOSAIC"
],
      "ImagedNucleus": "1H",
      "ImagingFrequency": 123.254317,
      "InPlanePhaseEncodingDirection": "COL",
      "MRAcquisitionType": "2D",
      "MagneticFieldStrength": 3.0,
      "Manufacturer": "SIEMENS",
      "ManufacturerModelName": "TrioTim",
      "Modality": "MR",
      "NumberOfAverages": 1.0,
      "NumberOfPhaseEncodingSteps": 72,
      "PercentPhaseFieldOfView": 100.0,
      "PercentSampling": 100.0,
      "PerformedProcedureStepStartTime": "190508.734000",
      "PhotometricInterpretation": "MONOCHROME2",
      "PixelBandwidth": 2395.0,
      "PixelRepresentation": 0,
      "PixelSpacing": [3.0, 3.0],
      "ProtocolName": "exp1_30_to_AC-PC",
      "RepetitionTime": 2000.0,
      "Rows": 432,
      "SAR": 0.15117384368533,
      "SamplesPerPixel": 1,
      "ScanOptions": "FS",
      "ScanningSequence": "EP",
      "SequenceName": "*epfid2d1_72",
      "SequenceVariant": "SK",
      "SeriesDescription": "exp1_30_to_AC-PC",
      "SeriesNumber": 7,
      "SeriesTime": "193306.000000",
      "SliceLocation": -45.413216774715,
      "SliceThickness": 3.7000000476837,
      "SmallestImagePixelValue": 0,
      "SoftwareVersions": "syngo MR B17",
      "SpacingBetweenSlices": 3.69999955178,
      "SpecificCharacterSet": "ISO_IR 100",
      "StudyID": "1",
      "StudyTime": "190508.687000",
      "TransmitCoilName": "Body",
      "VariableFlipAngleFlag": "N",
      "WindowCenterWidthExplanation": "Algo1",
      "dBdt": 0.0},
