{
  "AcquisitionMatrixPE": 256,
  "AcquisitionNumber": 1,
  "AcquisitionTime": "11:52:23.367500",
  "BaseResolution": 256,
  "CoilString": "T:HEA;HEP",
  "ConversionSoftware": "dcm2niix",
  "ConversionSoftwareVersion": "v1.0.20190410  GCC6.3.0",
  "DeviceSerialNumber": "35149",
  "DwellTime": 8.2e-06,
  "EchoTime": 0.00298,
  "FlipAngle": 9,
  "ImageOrientationPatientDICOM": [0.0296151, 0.99956, 0.00174236, 0.0580478, 2.03421e-05, -0.998314],
  "ImageType": [
    "ORIGINAL",
    "PRIMARY",
    "M",
    "ND"
],
  "ImagingFrequency": 123.254,
  "InPlanePhaseEncodingDirectionDICOM": "ROW",
  "InstitutionAddress": "Street_StreetNo_Rehovot_91E162_District_IL_ZIP",
  "InstitutionName": "Weizmann",
  "InstitutionalDepartmentName": "Department",
  "InversionTime": 0.9,
  "MRAcquisitionType": "3D",
  "MagneticFieldStrength": 3,
  "Manufacturer": "Siemens",
  "ManufacturersModelName": "TrioTim",
  "Modality": "MR",
  "PartialFourier": 0.875,
  "PatientPosition": "HFS",
  "PercentPhaseFOV": 100,
  "PhaseEncodingSteps": 223,
  "PhaseResolution": 1,
  "PixelBandwidth": 238,
  "ProcedureStepDescription": "Weizmann_Sobel",
  "ProtocolName": "t1_mprage",
  "PulseSequenceDetails": "%SiemensSeq%_tfl",
  "ReceiveCoilName": "HeadMatrix",
  "ReconMatrixPE": 256,
  "RefLinesPE": 24,
  "RepetitionTime": 2.3,
  "SAR": 0.082543,
  "ScanOptions": "IR_PFP",
  "ScanningSequence": "GR_IR",
  "SequenceName": "_tfl3d1_ns",
  "SequenceVariant": "SP_MP",
  "SeriesDescription": "t1_mprage",
  "SeriesNumber": 4,
  "ShimSetting": [2394, 9392, -5388, 828, 280, -612, 113, 21],
  "SliceThickness": 1,
  "SoftwareVersions": "syngo_MR_B17",
  "StationName": "MRC35149",
  "TxRefAmp": 265.508,
  "dcmmeta_affine": [
    [0.9978744387626648, 0.02961507812142372, 0.05804784223437309, 73.01968383789062],
    [-0.02966628223657608, 0.9995598793029785, 2.034210592682939e-05, -106.647705078125],
    [-0.05802169069647789, -0.0017423625104129314, 0.9983137845993042, -149.0126190185547],
    [0.0, 0.0, 0.0, 1.0]
],
  "dcmmeta_reorient_transform": [
    [0.0, 0.0, -1.0, 255.0],
    [0.0, -1.0, 0.0, 255.0],
    [-1.0, 0.0, 0.0, 5.0],
    [0.0, 0.0, 0.0, 1.0]
],
  "dcmmeta_shape": [6, 256, 256],
  "dcmmeta_slice_dim": 0,
  "dcmmeta_version": 0.6,
  "global": {
    "const": {
      "AcquisitionMatrix": [0, 256, 256, 0],
      "AcquisitionNumber": 1,
      "AcquisitionTime": "115223.367500",
      "AngioFlag": "N",
      "BitsAllocated": 16,
      "BitsStored": 12,
      "Columns": 256,
      "EchoNumbers": 1,
      "EchoTime": 2.98,
      "EchoTrainLength": 1,
      "FlipAngle": 9.0,
      "HighBit": 11,
      "ImageOrientationPatient": [0.0296150782317, 0.999559858795, 0.00174236249223, 0.05804784162929, 2.03421068e-05, -0.9983138022027],
      "ImageType": [
        "ORIGINAL",
        "PRIMARY",
        "M",
        "ND"
],
      "ImagedNucleus": "1H",
      "ImagingFrequency": 123.254386,
      "InPlanePhaseEncodingDirection": "ROW",
      "InversionTime": 900.0,
      "MRAcquisitionType": "3D",
      "MagneticFieldStrength": 3.0,
      "Manufacturer": "SIEMENS",
      "ManufacturerModelName": "TrioTim",
      "Modality": "MR",
      "NumberOfAverages": 1.0,
      "NumberOfPhaseEncodingSteps": 223,
      "PercentPhaseFieldOfView": 100.0,
      "PercentSampling": 100.0,
      "PerformedProcedureStepStartTime": "111037.937000",
      "PhotometricInterpretation": "MONOCHROME2",
      "PixelBandwidth": 238.0,
      "PixelRepresentation": 0,
      "PixelSpacing": [1.0, 1.0],
      "ProtocolName": "t1_mprage",
      "RepetitionTime": 2300.0,
      "Rows": 256,
      "SAR": 0.08254296453196,
      "SamplesPerPixel": 1,
      "ScanOptions": [
        "IR",
        "PFP"
],
      "ScanningSequence": [
        "GR",
        "IR"
],
      "SequenceName": "*tfl3d1_ns",
      "SequenceVariant": [
        "SP",
        "MP"
],
      "SeriesDescription": "t1_mprage",
      "SeriesNumber": 4,
      "SeriesTime": "115709.562000",
      "SliceThickness": 1.0,
      "SmallestImagePixelValue": 0,
      "SoftwareVersions": "syngo MR B17",
      "SpecificCharacterSet": "ISO_IR 100",
      "StudyID": "2",
      "StudyTime": "111037.890000",
      "TransmitCoilName": "Body",
      "VariableFlipAngleFlag": "N",
      "WindowCenterWidthExplanation": "Algo1",
      "dBdt": 0.0},
    "slices": {
      "ContentTime": ["115709.593000", "115709.578000", "115709.578000", "115709.578000", "115709.578000", "115709.562000"],
      "CsaImage.Actual3DImaPartNumber": [5, 4, 3, 2, 1, 0],
      "CsaImage.ICE_Dims": [
        "X_1_1_1_1_1_6_1_1_1_1_1_111",
        "X_1_1_1_1_1_5_1_1_1_1_1_111",
        "X_1_1_1_1_1_4_1_1_1_1_1_111",
        "X_1_1_1_1_1_3_1_1_1_1_1_111",
        "X_1_1_1_1_1_2_1_1_1_1_1_111",
        "X_1_1_1_1_1_1_1_1_1_1_1_111"
],
      "CsaImage.SlicePosition_PCS": [
        [-95.37372483, -148.2452479, 105.11310379],
        [-96.37159927, -148.21558161, 105.0550821],
        [-97.36947371, -148.18591533, 104.99706041],
        [-98.36734815, -148.15624905, 104.93903872],
        [-99.36522259, -148.12658277, 104.88101703],
        [-100.36309702, -148.09691649, 104.82299534]
],
      "ImagePositionPatient": [
        [-95.373724831388, -148.24524789657, 105.11310379401],
        [-96.371599269994, -148.21558161483, 105.05508210406],
        [-97.3694737086, -148.1859153331, 104.99706041411],
        [-98.367348147206, -148.15624905137, 104.93903872416],
        [-99.365222585812, -148.12658276963, 104.88101703421],
        [-100.36309702442, -148.0969164879, 104.82299534426]
],
      "InstanceCreationTime": ["115709.593000", "115709.578000", "115709.578000", "115709.578000", "115709.578000", "115709.562000"],
      "InstanceNumber": [6, 5, 4, 3, 2, 1],
      "LargestImagePixelValue": [208, 217, 207, 217, 227, 217],
      "SliceLocation": [-84.674276916128, -85.674276916128, -86.674276916128, -87.674276916128, -88.674276916128, -89.674276916128],
      "WindowCenter": [48.0, 49.0, 48.0, 49.0, 49.0, 49.0],
      "WindowWidth": [136.0, 139.0, 138.0, 140.0, 141.0, 141.0]
    }
  }
}