{
  "AcquisitionMatrixPE": 408,
  "AcquisitionNumber": 1,
  "AcquisitionTime": "09:09:20.030000",
  "BaseResolution": 512,
  "CoilString": "C:HEA;HEP",
  "ConversionSoftware": "dcm2niix",
  "ConversionSoftwareVersion": "v1.0.20190410  GCC6.3.0",
  "DeviceSerialNumber": "35149",
  "DwellTime": 5e-06,
  "EchoTime": 0.085,
  "EchoTrainLength": 15,
  "FlipAngle": 120,
  "ImageOrientationPatientDICOM": [0.999501, -0.0199273, -0.0245217, -0.0249421, -0.0211312, -0.999466],
  "ImageType": [
    "ORIGINAL",
    "PRIMARY",
    "M",
    "ND",
    "NORM"
],
  "ImagingFrequency": 123.253,
  "InPlanePhaseEncodingDirectionDICOM": "ROW",
  "InstitutionAddress": "Street_StreetNo_Rehovot_91E162_District_IL_ZIP",
  "InstitutionName": "Weizmann",
  "InstitutionalDepartmentName": "Department",
  "MRAcquisitionType": "2D",
  "MagneticFieldStrength": 3,
  "Manufacturer": "Siemens",
  "ManufacturersModelName": "TrioTim",
  "Modality": "MR",
  "NumberOfAverages": 2,
  "PartialFourier": 1,
  "PatientPosition": "HFS",
  "PercentPhaseFOV": 79.6875,
  "PhaseEncodingDirection": "i",
  "PhaseEncodingSteps": 420,
  "PhaseResolution": 1,
  "PixelBandwidth": 195,
  "ProcedureStepDescription": "Weizmann_Sobel",
  "ProtocolName": "t2_0.4x0.4x1.6_12ch_TE85",
  "PulseSequenceDetails": "%SiemensSeq%_tse",
  "ReceiveCoilName": "32Ch_Head",
  "ReconMatrixPE": 408,
  "RepetitionTime": 7,
  "SAR": 0.85165,
  "ScanningSequence": "SE",
  "SequenceName": "_tse2d1_15",
  "SequenceVariant": "SK_SP_OSP",
  "SeriesDescription": "t2_0.4x0.4x1.6_12ch_TE85",
  "SeriesNumber": 3,
  "ShimSetting": [2397, 9573, -5408, 605, 550, -748, 1148, -158],
  "SliceThickness": 1.6,
  "SoftwareVersions": "syngo_MR_B17",
  "SpacingBetweenSlices": 1.6,
  "StationName": "MRC35149",
  "TxRefAmp": 281.367,
  "dcmmeta_affine": [
    [-0.39042994379997253, -0.009743023663759232, -0.031037569046020508, 84.94660186767578],
    [0.007784092798829079, -0.008254371583461761, -1.5993270874023438, 88.81391143798828],
    [-0.009578791446983814, 0.3904162347316742, -0.03458893299102783, -97.6485595703125],
    [0.0, 0.0, 0.0, 1.0]
],
  "dcmmeta_reorient_transform": [
    [0.0, -1.0, 0.0, 511.0],
    [1.0, 0.0, 0.0, 0.0],
    [0.0, 0.0, -1.0, 34.0],
    [0.0, 0.0, 0.0, 1.0]
],
  "dcmmeta_shape": [408, 512, 35],
  "dcmmeta_slice_dim": 2,
  "dcmmeta_version": 0.6,
  "global": {
    "const": {
      "AcquisitionMatrix": [0, 512, 408, 0],
      "AcquisitionNumber": 1,
      "AngioFlag": "N",
      "BitsAllocated": 16,
      "BitsStored": 12,
      "Columns": 408,
      "EchoNumbers": 1,
      "EchoTime": 85.0,
      "EchoTrainLength": 15,
      "FlipAngle": 120.0,
      "HighBit": 11,
      "ImageOrientationPatient": [0.99950067012465, -0.0199272774155, -0.0245217053891, -0.0249421409306, -0.0211311905366, -0.9994655383715],
      "ImageType": [
        "ORIGINAL",
        "PRIMARY",
        "M",
        "ND",
        "NORM"
],
      "ImagedNucleus": "1H",
      "ImagingFrequency": 123.25346,
      "InPlanePhaseEncodingDirection": "ROW",
      "MRAcquisitionType": "2D",
      "MagneticFieldStrength": 3.0,
      "Manufacturer": "SIEMENS",
      "ManufacturerModelName": "TrioTim",
      "Modality": "MR",
      "NumberOfAverages": 2.0,
      "NumberOfPhaseEncodingSteps": 420,
      "PercentPhaseFieldOfView": 79.6875,
      "PercentSampling": 100.0,
      "PerformedProcedureStepStartTime": "090635.359000",
      "PhotometricInterpretation": "MONOCHROME2",
      "PixelBandwidth": 195.0,
      "PixelRepresentation": 0,
      "PixelSpacing": [0.390625, 0.390625],
      "ProtocolName": "t2_0.4x0.4x1.6_12ch_TE85",
      "RepetitionTime": 7000.0,
      "Rows": 512,
      "SAR": 0.85164953164607,
      "SamplesPerPixel": 1,
      "ScanningSequence": "SE",
      "SequenceName": "*tse2d1_15",
      "SequenceVariant": [
        "SK",
        "SP",
        "OSP"
],
      "SeriesDescription": "t2_0.4x0.4x1.6_12ch_TE85",
      "SeriesNumber": 3,
      "SeriesTime": "091552.937000",
      "SliceThickness": 1.6000000238419,
      "SmallestImagePixelValue": 0,
      "SoftwareVersions": "syngo MR B17",
      "SpacingBetweenSlices": 1.6,
      "SpecificCharacterSet": "ISO_IR 100",
      "StudyID": "1",
      "StudyTime": "090635.265000",
      "TransmitCoilName": "Body",
      "VariableFlipAngleFlag": "N",
      "WindowCenterWidthExplanation": "Algo1",
      "dBdt": 0.0},
