{
  "AcquisitionMatrixPE": 408,
  "AcquisitionNumber": 1,
  "AcquisitionTime": "11:18:33.650000",
  "BaseResolution": 512,
  "CoilString": "C:HEA;HEP",
  "ConversionSoftware": "dcm2niix",
  "ConversionSoftwareVersion": "v1.0.20190410  GCC6.3.0",
  "DeviceSerialNumber": "35149",
  "DwellTime": 5e-06,
  "EchoTime": 0.085,
  "EchoTrainLength": 15,
  "FlipAngle": 120,
  "ImageOrientationPatientDICOM": [0.999865, 0.0110948, -0.012088, -0.0128856, 0.0748799, -0.997109],
  "ImageType": [
    "ORIGINAL",
    "PRIMARY",
    "M",
    "ND",
    "NORM"
],
  "ImagingFrequency": 123.256,
  "InPlanePhaseEncodingDirectionDICOM": "ROW",
  "InstitutionAddress": "Street_StreetNo_Rehovot_91E162_District_IL_ZIP",
  "InstitutionName": "Weizmann",
  "InstitutionalDepartmentName": "Department",
  "MRAcquisitionType": "2D",
  "MagneticFieldStrength": 3,
  "Manufacturer": "Siemens",
  "ManufacturersModelName": "TrioTim",
  "Modality": "MR",
  "NumberOfAverages": 2,
  "PartialFourier": 1,
  "PatientPosition": "HFS",
  "PercentPhaseFOV": 79.6875,
  "PhaseEncodingDirection": "i",
  "PhaseEncodingSteps": 420,
  "PhaseResolution": 1,
  "PixelBandwidth": 195,
  "ProcedureStepDescription": "Weizmann_Sobel",
  "ProtocolName": "t2_0.4x0.4x1.6_12ch_TE85",
  "PulseSequenceDetails": "%SiemensSeq%_tse",
  "ReceiveCoilName": "HeadMatrix",
  "ReconMatrixPE": 408,
  "RepetitionTime": 7,
  "SAR": 0.784281,
  "ScanningSequence": "SE",
  "SequenceName": "_tse2d1_15",
  "SequenceVariant": "SK_SP_OSP",
  "SeriesDescription": "t2_0.4x0.4x1.6_12ch_TE85",
  "SeriesNumber": 3,
  "ShimSetting": [2383, 9478, -5586, 1041, 419, -860, -422, 30],
  "SliceThickness": 1.6,
  "SoftwareVersions": "syngo_MR_B17",
  "SpacingBetweenSlices": 1.6,
  "StationName": "MRC35149",
  "TxRefAmp": 277.032,
  "dcmmeta_affine": [
    [-0.3905724287033081, -0.005033418536186218, 0.01625227928161621, 83.04170989990234],
    [-0.004333925899118185, 0.029249977320432663, -1.5954093933105469, 86.1124496459961],
    [-0.004721866454929113, 0.3894958198070526, 0.12002182006835938, -127.55476379394531],
    [0.0, 0.0, 0.0, 1.0]
],
  "dcmmeta_reorient_transform": [
    [0.0, -1.0, 0.0, 511.0],
    [1.0, 0.0, 0.0, 0.0],
    [0.0, 0.0, -1.0, 34.0],
    [0.0, 0.0, 0.0, 1.0]
],
  "dcmmeta_shape": [408, 512, 35],
  "dcmmeta_slice_dim": 2,
  "dcmmeta_version": 0.6,
  "global": {
    "const": {
      "AcquisitionMatrix": [0, 512, 408, 0],
      "AcquisitionNumber": 1,
      "AngioFlag": "N",
      "BitsAllocated": 16,
      "BitsStored": 12,
      "Columns": 408,
      "EchoNumbers": 1,
      "EchoTime": 85.0,
      "EchoTrainLength": 15,
      "FlipAngle": 120.0,
      "HighBit": 11,
      "ImageOrientationPatient": [0.99986538349204, 0.01109484978072, -0.0120879776082, -0.0128855512075, 0.07487994159706, -0.9971093003861],
      "ImageType": [
        "ORIGINAL",
        "PRIMARY",
        "M",
        "ND",
        "NORM"
],
      "ImagedNucleus": "1H",
      "ImagingFrequency": 123.255961,
      "InPlanePhaseEncodingDirection": "ROW",
      "MRAcquisitionType": "2D",
      "MagneticFieldStrength": 3.0,
      "Manufacturer": "SIEMENS",
      "ManufacturerModelName": "TrioTim",
      "Modality": "MR",
      "NumberOfAverages": 2.0,
      "NumberOfPhaseEncodingSteps": 420,
      "PercentPhaseFieldOfView": 79.6875,
      "PercentSampling": 100.0,
      "PerformedProcedureStepStartTime": "105927.203000",
      "PhotometricInterpretation": "MONOCHROME2",
      "PixelBandwidth": 195.0,
      "PixelRepresentation": 0,
      "PixelSpacing": [0.390625, 0.390625],
      "ProtocolName": "t2_0.4x0.4x1.6_12ch_TE85",
      "RepetitionTime": 7000.0,
      "Rows": 512,
      "SAR": 0.78428090555544,
      "SamplesPerPixel": 1,
      "ScanningSequence": "SE",
      "SequenceName": "*tse2d1_15",
      "SequenceVariant": [
        "SK",
        "SP",
        "OSP"
],
      "SeriesDescription": "t2_0.4x0.4x1.6_12ch_TE85",
      "SeriesNumber": 3,
      "SeriesTime": "112506.906000",
      "SliceThickness": 1.6000000238419,
      "SmallestImagePixelValue": 0,
      "SoftwareVersions": "syngo MR B17",
      "SpacingBetweenSlices": 1.6,
      "SpecificCharacterSet": "ISO_IR 100",
      "StudyID": "1",
      "StudyTime": "105927.156000",
      "TransmitCoilName": "Body",
      "VariableFlipAngleFlag": "N",
      "WindowCenterWidthExplanation": "Algo1",
      "dBdt": 0.0},
