{
  "AcquisitionMatrixPE": 72,
  "AcquisitionNumber": 1,
  "AcquisitionTime": "14:31:5.140000",
  "BandwidthPerPixelPhaseEncode": 28.935,
  "BaseResolution": 72,
  "CoilString": "C:HEA;HEP",
  "ConversionSoftware": "dcm2niix",
  "ConversionSoftwareVersion": "v1.0.20190410  GCC6.3.0",
  "DerivedVendorReportedEchoSpacing": 0.000480003,
  "DeviceSerialNumber": "35149",
  "DwellTime": 2.9e-06,
  "EchoTime": 0.025,
  "EffectiveEchoSpacing": 0.000480003,
  "FlipAngle": 75,
  "ImageOrientationPatientDICOM": [0.991286, 0.129438, -0.0244345, -0.128811, 0.913754, -0.385306],
  "ImageType": [
    "ORIGINAL",
    "PRIMARY",
    "M",
    "ND",
    "MOSAIC"
],
  "ImagingFrequency": 123.255,
  "InPlanePhaseEncodingDirectionDICOM": "COL",
  "InstitutionAddress": "Street_StreetNo_Rehovot_91E162_District_IL_ZIP",
  "InstitutionName": "Weizmann",
  "InstitutionalDepartmentName": "Department",
  "MRAcquisitionType": "2D",
  "MagneticFieldStrength": 3,
  "Manufacturer": "Siemens",
  "ManufacturersModelName": "TrioTim",
  "Modality": "MR",
  "PartialFourier": 1,
  "PatientPosition": "HFS",
  "PercentPhaseFOV": 100,
  "PhaseEncodingDirection": "j-",
  "PhaseEncodingSteps": 72,
  "PhaseResolution": 1,
  "PixelBandwidth": 2395,
  "ProcedureStepDescription": "Weizmann_Sobel",
  "ProtocolName": "exp1_30_to_AC-PC",
  "PulseSequenceDetails": "%SiemensSeq%_ep2d_pace",
  "ReceiveCoilName": "HeadMatrix",
  "ReconMatrixPE": 72,
  "RepetitionTime": 2,
  "SAR": 0.149138,
  "ScanOptions": "FS",
  "ScanningSequence": "EP",
  "SequenceName": "_epfid2d1_72",
  "SequenceVariant": "SK",
  "SeriesDescription": "exp1_30_to_AC-PC",
  "SeriesNumber": 13,
  "ShimSetting": [2491, 9397, -5897, 593, 648, -505, -943, 155],
  "SliceThickness": 3.7,
  "SliceTiming": [0.9925, 0, 1.0525, 0.0575, 1.11, 0.1175, 1.17, 0.175, 1.2275, 0.2325, 1.285, 0.2925, 1.345, 0.35, 1.4025, 0.41, 1.4625, 0.4675, 1.52, 0.525, 1.5775, 0.585, 1.6375, 0.6425, 1.695, 0.7025, 1.7525, 0.76, 1.8125, 0.8175, 1.87, 0.8775, 1.93, 0.935],
  "SoftwareVersions": "syngo_MR_B17",
  "SpacingBetweenSlices": 3.7,
  "StationName": "MRC35149",
  "TaskName": "blank",
  "TotalReadoutTime": 0.0340802,
  "TxRefAmp": 280.888,
  "VendorReportedEchoSpacing": 0.00048,
  "dcmmeta_affine": [
    [-2.9738593101501465, -0.38643404841423035, 0.1019204780459404, 119.33301544189453],
    [-0.388312965631485, 2.741262435913086, -1.4248573780059814, -46.115440368652344],
    [-0.07330337911844254, 1.1559191942214966, 3.4131224155426025, -63.57701873779297],
    [0.0, 0.0, 0.0, 1.0]
],
  "dcmmeta_reorient_transform": [
    [0.0, -1.0, 0.0, 71.0],
    [1.0, 0.0, 0.0, 0.0],
    [0.0, 0.0, 1.0, 0.0],
    [0.0, 0.0, 0.0, 1.0]
],
  "dcmmeta_shape": [72, 72, 34, 466],
  "dcmmeta_slice_dim": 2,
  "dcmmeta_version": 0.6,
  "global": {
    "const": {
      "AcquisitionMatrix": [72, 0, 0, 72],
      "AngioFlag": "N",
      "BitsAllocated": 16,
      "BitsStored": 12,
      "Columns": 432,
      "EchoNumbers": 1,
      "EchoTime": 25.0,
      "EchoTrainLength": 1,
      "FlipAngle": 75.0,
      "HighBit": 11,
      "ImageOrientationPatient": [0.99128646295615, 0.12943765122834, -0.0244344593631, -0.1288113451521, 0.91375413829559, -0.3853063873177],
      "ImagePositionPatient": [-557.63276208781, -711.8377592868, 239.7533005675],
      "ImageType": [
        "ORIGINAL",
        "PRIMARY",
        "M",
        "ND",
        "MOSAIC"
],
      "ImagedNucleus": "1H",
      "ImagingFrequency": 123.25465,
      "InPlanePhaseEncodingDirection": "COL",
      "MRAcquisitionType": "2D",
      "MagneticFieldStrength": 3.0,
      "Manufacturer": "SIEMENS",
      "ManufacturerModelName": "TrioTim",
      "Modality": "MR",
      "NumberOfAverages": 1.0,
      "NumberOfPhaseEncodingSteps": 72,
      "PercentPhaseFieldOfView": 100.0,
      "PercentSampling": 100.0,
      "PerformedProcedureStepStartTime": "135629.625000",
      "PhotometricInterpretation": "MONOCHROME2",
      "PixelBandwidth": 2395.0,
      "PixelRepresentation": 0,
      "PixelSpacing": [3.0, 3.0],
      "ProtocolName": "exp1_30_to_AC-PC",
      "RepetitionTime": 2000.0,
      "Rows": 432,
      "SAR": 0.14913776974862,
      "SamplesPerPixel": 1,
      "ScanOptions": "FS",
      "ScanningSequence": "EP",
      "SequenceName": "*epfid2d1_72",
      "SequenceVariant": "SK",
      "SeriesDescription": "exp1_30_to_AC-PC",
      "SeriesNumber": 13,
      "SeriesTime": "143121.578000",
      "SliceLocation": -37.601536076862,
      "SliceThickness": 3.7000000476837,
      "SmallestImagePixelValue": 0,
      "SoftwareVersions": "syngo MR B17",
      "SpacingBetweenSlices": 3.7000013682925,
      "SpecificCharacterSet": "ISO_IR 100",
      "StudyID": "1",
      "StudyTime": "135629.578000",
      "TransmitCoilName": "Body",
      "VariableFlipAngleFlag": "N",
      "WindowCenterWidthExplanation": "Algo1",
      "dBdt": 0.0},
